GEM
  remote: https://rubygems.org/
  specs:
    acme_challenge (0.1.0)
    activesupport (5.2.2)
      concurrent-ruby (~> 1.0, >= 1.0.2)
      i18n (>= 0.7, < 2)
      minitest (~> 5.1)
      tzinfo (~> 1.1)
    addressable (2.6.0)
      public_suffix (>= 2.0.2, < 4.0)
    byebug (11.0.0)
    coderay (1.1.2)
    colorator (1.1.0)
    colorize (0.8.1)
    concurrent-ruby (1.1.4)
    crass (1.0.4)
    docset (0.1.0)
      sqlite3 (~> 1.3)
    em-websocket (0.5.1)
      eventmachine (>= 0.12.9)
      http_parser.rb (~> 0.6.0)
    erubi (1.8.0)
    ethon (0.12.0)
      ffi (>= 1.3.0)
    eventmachine (1.2.7)
    ffi (1.10.0)
    forwardable-extended (2.6.0)
    html-proofer (3.10.2)
      activesupport (>= 4.2, < 6.0)
      addressable (~> 2.3)
      colorize (~> 0.8)
      mercenary (~> 0.3.2)
      nokogiri (~> 1.9)
      parallel (~> 1.3)
      typhoeus (~> 1.3)
      yell (~> 2.0)
    http_parser.rb (0.6.0)
    i18n (0.9.5)
      concurrent-ruby (~> 1.0)
    jekyll (3.8.5)
      addressable (~> 2.4)
      colorator (~> 1.0)
      em-websocket (~> 0.5)
      i18n (~> 0.7)
      jekyll-sass-converter (~> 1.0)
      jekyll-watch (~> 2.0)
      kramdown (~> 1.14)
      liquid (~> 4.0)
      mercenary (~> 0.3.3)
      pathutil (~> 0.9)
      rouge (>= 1.7, < 4)
      safe_yaml (~> 1.0)
    jekyll-sass-converter (1.5.2)
      sass (~> 3.4)
    jekyll-watch (2.1.2)
      listen (~> 3.0)
    json (2.2.0)
    kindlerb (1.2.0)
      mustache
      nokogiri
    kramdown (1.17.0)
    liquid (4.0.1)
    listen (3.1.5)
      rb-fsevent (~> 0.9, >= 0.9.4)
      rb-inotify (~> 0.9, >= 0.9.7)
      ruby_dep (~> 1.2)
    loofah (2.2.3)
      crass (~> 1.0.2)
      nokogiri (>= 1.5.9)
    mercenary (0.3.6)
    method_source (0.9.2)
    mini_portile2 (2.4.0)
    minitest (5.11.3)
    mustache (1.1.0)
    newrelic_rpm (6.1.0.352)
    nokogiri (1.10.1)
      mini_portile2 (~> 2.4.0)
    parallel (1.14.0)
    pathutil (0.16.2)
      forwardable-extended (~> 2.6)
    power_assert (2.0.3)
    pry (0.12.2)
      coderay (~> 1.1.0)
      method_source (~> 0.9.0)
    pry-byebug (3.7.0)
      byebug (~> 11.0)
      pry (~> 0.10)
    public_suffix (3.0.3)
    puma (3.12.0)
    rack (2.0.6)
    rack-cache (1.9.0)
      rack (>= 0.4)
    rack-contrib (2.1.0)
      rack (~> 2.0)
    rack-jekyll (0.3.5)
      jekyll
      rack
    rack-rewrite (1.5.1)
    rack-test (1.1.0)
      rack (>= 1.0, < 3)
    rails-html-sanitizer (1.0.4)
      loofah (~> 2.2, >= 2.2.2)
    rake (12.3.2)
    rb-fsevent (0.10.3)
    rb-inotify (0.10.0)
      ffi (~> 1.0)
    rdoc (6.1.1)
    redcarpet (3.4.0)
    rouge (3.3.0)
    ruby_dep (1.5.0)
    safe_yaml (1.0.5)
    sass (3.7.3)
      sass-listen (~> 4.0.0)
    sass-listen (4.0.0)
      rb-fsevent (~> 0.9, >= 0.9.4)
      rb-inotify (~> 0.9, >= 0.9.7)
    sdoc (1.0.0)
      rdoc (>= 5.0)
    sqlite3 (1.4.0)
    test-unit (3.5.7)
      power_assert
    thread_safe (0.3.6)
    typhoeus (1.3.1)
      ethon (>= 0.9.0)
    tzinfo (1.2.5)
      thread_safe (~> 0.1)
    w3c_validators (1.3.4)
      json (>= 1.8)
      nokogiri (~> 1.6)
    yell (2.0.7)

PLATFORMS
  ruby

DEPENDENCIES
  acme_challenge
  docset
  erubi
  html-proofer
  jekyll
  kindlerb
  kramdown
  newrelic_rpm
  pry-byebug
  puma
  rack-cache
  rack-contrib
  rack-jekyll
  rack-rewrite
  rack-test
  rails-html-sanitizer
  rake
  redcarpet
  sdoc
  test-unit
  w3c_validators

RUBY VERSION
   ruby 2.6.2p47

BUNDLED WITH
   1.17.3
